GEM
  remote: https://rubygems.org/
  specs:
    mustache (1.1.1)

PLATFORMS
  ruby

DEPENDENCIES
  mustache

RUBY VERSION
   ruby 2.7.0p0

BUNDLED WITH
   2.1.2
